GEM
  remote: https://rubygems.org/
  specs:
    algorithms (0.6.1)

PLATFORMS
  ruby

DEPENDENCIES
  algorithms

BUNDLED WITH
   1.17.3
